RESTRICTION: >= net45
NUGET
  remote: https://api.nuget.org/v3/index.json
    Microsoft.AspNet.WebApi.Client (5.2.4)
      Newtonsoft.Json (>= 6.0.4)
    Newtonsoft.Json (11.0.2)
    Seq.Apps (4.2.470)
      Serilog (>= 2.5)
    Serilog (2.6)

GROUP Latest
RESTRICTION: >= net45
NUGET
  remote: https://api.nuget.org/v3/index.json
    Microsoft.AspNet.WebApi.Client (5.2.4)
      Newtonsoft.Json (>= 6.0.4)
    Newtonsoft.Json (11.0.2)
    Seq.Apps (4.2.470)
      Serilog (>= 2.5)
    Serilog (2.6)
